GEM
  remote: https://rubygems.org/
  specs:
    debug (1.5.0)
      irb (>= 1.3.6)
      reline (>= 0.2.7)
    em-websocket (0.5.3)
      eventmachine (>= 0.12.9)
      http_parser.rb (~> 0)
    eventmachine (1.2.7)
    http_parser.rb (0.8.0)
    io-console (0.5.11)
    irb (1.4.1)
      reline (>= 0.3.0)
    reline (0.3.1)
      io-console (~> 0.5)

PLATFORMS
  arm64-darwin-20

DEPENDENCIES
  debug
  em-websocket

RUBY VERSION
   ruby 3.1.2p20

BUNDLED WITH
   2.3.12
